GIT
  remote: git://github.com/davidkpham/context-io.git
  revision: c3e317ddef9a298e0bef6f47319234e2d332b940
  specs:
    context-io (0.0.1)
      faraday (~> 0.7.5)
      multi_json (~> 1.0.4)
      simple_oauth (~> 0.1.5)

GIT
  remote: git://github.com/davidkpham/omniauth-google.git
  revision: 5f9d483998d3d27be330f80afd4fdc08593a6462
  specs:
    omniauth-google (1.0.1)
      multi_json
      omniauth (~> 1.0)
      omniauth-oauth

GIT
  remote: git://github.com/softa/activerecord-postgres-hstore.git
  revision: 93c6c88a506970204965f3902e19d18d65b05e09
  specs:
    activerecord-postgres-hstore (0.4.0)
      pg
      rails
      rake

GEM
  remote: https://rubygems.org/
  specs:
    actionmailer (3.2.6)
      actionpack (= 3.2.6)
      mail (~> 2.4.4)
    actionpack (3.2.6)
      activemodel (= 3.2.6)
      activesupport (= 3.2.6)
      builder (~> 3.0.0)
      erubis (~> 2.7.0)
      journey (~> 1.0.1)
      rack (~> 1.4.0)
      rack-cache (~> 1.2)
      rack-test (~> 0.6.1)
      sprockets (~> 2.1.3)
    activemodel (3.2.6)
      activesupport (= 3.2.6)
      builder (~> 3.0.0)
    activerecord (3.2.6)
      activemodel (= 3.2.6)
      activesupport (= 3.2.6)
      arel (~> 3.0.2)
      tzinfo (~> 0.3.29)
    activerecord-postgres-array (0.0.7)
      activerecord
    activeresource (3.2.6)
      activemodel (= 3.2.6)
      activesupport (= 3.2.6)
    activesupport (3.2.6)
      i18n (~> 0.6)
      multi_json (~> 1.0)
    addressable (2.2.8)
    arel (3.0.2)
    bcrypt-ruby (3.0.1)
    builder (3.0.0)
    chronic_duration (0.9.6)
      numerizer (~> 0.1.1)
    coffee-rails (3.2.2)
      coffee-script (>= 2.2.0)
      railties (~> 3.2.0)
    coffee-script (2.2.0)
      coffee-script-source
      execjs
    coffee-script-source (1.3.3)
    detect_timezone_rails (0.0.3)
      railties (~> 3.1)
    dynamic_form (1.1.4)
    erubis (2.7.0)
    execjs (1.4.0)
      multi_json (~> 1.0)
    faraday (0.7.6)
      addressable (~> 2.2)
      multipart-post (~> 1.1)
      rack (~> 1.1)
    hashie (1.2.0)
    hashr (0.0.21)
    hike (1.2.1)
    i18n (0.6.0)
    journey (1.0.4)
    jquery-rails (2.0.2)
      railties (>= 3.2.0, < 5.0)
      thor (~> 0.14)
    json (1.7.3)
    kgio (2.7.4)
    mail (2.4.4)
      i18n (>= 0.4.0)
      mime-types (~> 1.16)
      treetop (~> 1.4.8)
    mime-types (1.19)
    multi_json (1.0.4)
    multipart-post (1.1.5)
    numerizer (0.1.1)
    oauth (0.4.6)
    oj (1.3.0)
    omniauth (1.1.0)
      hashie (~> 1.2)
      rack
    omniauth-oauth (1.0.1)
      oauth
      omniauth (~> 1.0)
    pg (0.14.0)
    polyglot (0.3.3)
    rack (1.4.1)
    rack-cache (1.2)
      rack (>= 0.4)
    rack-protection (1.2.0)
      rack
    rack-ssl (1.3.2)
      rack
    rack-test (0.6.1)
      rack (>= 1.0)
    rails (3.2.6)
      actionmailer (= 3.2.6)
      actionpack (= 3.2.6)
      activerecord (= 3.2.6)
      activeresource (= 3.2.6)
      activesupport (= 3.2.6)
      bundler (~> 1.0)
      railties (= 3.2.6)
    railties (3.2.6)
      actionpack (= 3.2.6)
      activesupport (= 3.2.6)
      rack-ssl (~> 1.3.2)
      rake (>= 0.8.7)
      rdoc (~> 3.4)
      thor (>= 0.14.6, < 2.0)
    raindrops (0.10.0)
    rake (0.9.2.2)
    rdoc (3.12)
      json (~> 1.4)
    redis (3.0.1)
    redis-namespace (1.2.0)
      redis (~> 3.0.0)
    resque (1.21.0)
      multi_json (~> 1.0)
      redis-namespace (~> 1.0)
      sinatra (>= 0.9.2)
      vegas (~> 0.1.2)
    rest-client (1.6.7)
      mime-types (>= 1.16)
    sass (3.1.20)
    sass-rails (3.2.5)
      railties (~> 3.2.0)
      sass (>= 3.1.10)
      tilt (~> 1.3)
    simple_oauth (0.1.8)
    sinatra (1.3.2)
      rack (~> 1.3, >= 1.3.6)
      rack-protection (~> 1.2)
      tilt (~> 1.3, >= 1.3.3)
    sprockets (2.1.3)
      hike (~> 1.2)
      rack (~> 1.0)
      tilt (~> 1.1, != 1.3.0)
    thor (0.15.4)
    tilt (1.3.3)
    tire (0.4.2)
      activemodel (>= 3.0)
      hashr (~> 0.0.19)
      multi_json (~> 1.0)
      rake
      rest-client (~> 1.6)
    treetop (1.4.10)
      polyglot
      polyglot (>= 0.3.1)
    tzinfo (0.3.33)
    uglifier (1.2.4)
      execjs (>= 0.3.0)
      multi_json (>= 1.0.2)
    unicorn (4.3.1)
      kgio (~> 2.6)
      rack
      raindrops (~> 0.7)
    vegas (0.1.11)
      rack (>= 1.0.0)
    will_paginate (3.0.3)

PLATFORMS
  ruby

DEPENDENCIES
  activerecord-postgres-array (~> 0.0.7)
  activerecord-postgres-hstore!
  bcrypt-ruby (~> 3.0.1)
  chronic_duration (~> 0.9.6)
  coffee-rails (~> 3.2.1)
  context-io!
  detect_timezone_rails (~> 0.0.3)
  dynamic_form (~> 1.1.4)
  jquery-rails (~> 2.0.2)
  multi_json (~> 1.0.4)
  oj (~> 1.3.0)
  omniauth-google!
  pg (~> 0.14.0)
  rails (= 3.2.6)
  resque (~> 1.21.0)
  sass-rails (~> 3.2.3)
  tire (~> 0.4.2)
  uglifier (>= 1.0.3)
  unicorn (~> 4.3.1)
  will_paginate (~> 3.0.3)
